GEM
  remote: https://rubygems.org/
  specs:
    classifier (1.3.4)
      fast-stemmer (>= 1.0.0)
    commonjs (0.2.7)
    directory_watcher (1.5.1)
    execjs (2.0.2)
    fast-stemmer (1.0.2)
    jekyll (0.12.1)
      classifier (~> 1.3)
      directory_watcher (~> 1.1)
      kramdown (~> 0.14)
      liquid (~> 2.3)
      maruku (~> 0.5)
      pygments.rb (~> 0.3.2)
    jekyll-asset-pipeline (0.1.6)
      jekyll (~> 0.12)
      liquid (~> 2.4)
    jekyll-less (0.0.4)
      jekyll (>= 0.10.0)
      less (>= 2.0.5)
    jekyll-slim (0.8.2)
      jekyll (>= 0.10.0)
      slim
    json (1.8.1)
    kramdown (0.14.2)
    less (2.4.0)
      commonjs (~> 0.2.7)
    libv8 (3.16.14.3)
    liquid (2.6.1)
    maruku (0.7.1)
    posix-spawn (0.3.8)
    pygments.rb (0.3.7)
      posix-spawn (~> 0.3.6)
      yajl-ruby (~> 1.1.0)
    ref (1.0.5)
    slim (2.0.2)
      temple (~> 0.6.6)
      tilt (>= 1.3.3, < 2.1)
    temple (0.6.7)
    therubyracer (0.12.0)
      libv8 (~> 3.16.14.0)
      ref
    tilt (2.0.0)
    uglifier (2.4.0)
      execjs (>= 0.3.0)
      json (>= 1.8.0)
    yajl-ruby (1.1.0)

PLATFORMS
  ruby

DEPENDENCIES
  jekyll
  jekyll-asset-pipeline
  jekyll-less
  jekyll-slim
  therubyracer
  uglifier
